Brain Vision Data Exchange Header File Version 1.0
; Data created by the Vision Recorder

[Common Infos]
Codepage=UTF-8
DataFile=Brian0027.eeg
MarkerFile=Brian0027.vmrk
DataFormat=BINARY
; Data orientation: MULTIPLEXED=ch1,pt1, ch2,pt1 ...
DataOrientation=MULTIPLEXED
NumberOfChannels=15
; Sampling interval in microseconds
SamplingInterval=2000

[Binary Infos]
BinaryFormat=IEEE_FLOAT_32

[Channel Infos]
; Each entry: Ch<Channel number>=<Name>,<Reference channel name>,
; <Resolution in "Unit">,<Unit>, Future extensions..
; Fields are delimited by commas, some fields might be omitted (empty).
; Commas in channel names are coded as "\1".
Ch1=Pz,,0.0488281,µV
Ch2=P1,,0.0488281,µV
Ch3=P2,,0.0488281,µV
Ch4=P3,,0.0488281,µV
Ch5=P4,,0.0488281,µV
Ch6=P7,,0.0488281,µV
Ch7=P8,,0.0488281,µV
Ch8=POz,,0.0488281,µV
Ch9=PO3,,0.0488281,µV
Ch10=PO4,,0.0488281,µV
Ch11=PO7,,0.0488281,µV
Ch12=PO8,,0.0488281,µV
Ch13=Oz,,0.0488281,µV
Ch14=O1,,0.0488281,µV
Ch15=O2,,0.0488281,µV

[Coordinates]
; Electrode Position File: D:\CMA-64_NO_REF.bvef
Ch1=1,45,-90
Ch2=1,-49,68
Ch3=1,49,-68
Ch4=1,-60,51
Ch5=1,60,-51
Ch6=1,-90,36
Ch7=1,90,-36
Ch8=1,67,-90
Ch9=1,-74,68
Ch10=1,74,-68
Ch11=1,-90,54
Ch12=1,90,-54
Ch13=1,90,-90
Ch14=1,-90,72
Ch15=1,90,-72

[Comment]

BrainVision Recorder Professional   -   V. 1.21.0004


A m p l i f i e r  S e t u p
============================
Number of channels: 15
Sampling Rate [Hz]: 500
Sampling Interval [µS]: 2000

Channels
--------
#     Name      Phys. Chn.    Resolution / Unit   Low Cutoff [s]   High Cutoff [Hz]   Notch [Hz]    Gradient         Offset
1     Pz          2          0.0488281 µV             DC              140              Off
2     P1          3          0.0488281 µV             DC              140              Off
3     P2          4          0.0488281 µV             DC              140              Off
4     P3          5          0.0488281 µV             DC              140              Off
5     P4          6          0.0488281 µV             DC              140              Off
6     P7          7          0.0488281 µV             DC              140              Off
7     P8          8          0.0488281 µV             DC              140              Off
8     POz         9          0.0488281 µV             DC              140              Off
9     PO3         10         0.0488281 µV             DC              140              Off
10    PO4         11         0.0488281 µV             DC              140              Off
11    PO7         12         0.0488281 µV             DC              140              Off
12    PO8         13         0.0488281 µV             DC              140              Off
13    Oz          14         0.0488281 µV             DC              140              Off
14    O1          15         0.0488281 µV             DC              140              Off
15    O2          16         0.0488281 µV             DC              140              Off

Reference Channel Name = FCz
Reference Phys. Chn.   = 1
Good Level [kOhms]     = 10
Bad Level [kOhms]      = 50
MY-Button Workspace    = C:\Vision\Workfiles\MYButton

Amplifier 
actiCHamp Base Unit (5001) 
  --- S/N 16060638 --- 

actiCHamp 32 CH Module
  --- Module 1 (5010): S/N 16061206 ---
  --- Module 2 (5010): S/N 16061205 ---
Version: DLL_25.14.08.04, DRV_03.04.01.146, CTRL_102.15.06.09, FPGA_48.00.00.00, FPGAC_45.00.00.00, DSP_105.14.10.07 


S o f t w a r e  F i l t e r s
==============================
Disabled


Impedances Imported from actiCAP Control Software:
Impedance [kOhm] at 14:37:06 :
Pz:           7
P1:          15
P2:           8
P3:           4
P4:           6
P7:           1
P8:          10
POz:          8
PO3:          3
PO4:          4
PO7:         17
PO8:         15
Oz:          11
O1:          13
O2:          11
Gnd:          7
Ref:      not connected
